GEM
  remote: https://rubygems.org/
  specs:
    serialport (1.3.1)
    slack-notifier (2.3.2)

PLATFORMS
  ruby

DEPENDENCIES
  serialport
  slack-notifier

BUNDLED WITH
   1.16.1
